GEM
  remote: https://rubygems.org/
  specs:
    aws-sdk (2.6.19)
      aws-sdk-resources (= 2.6.19)
    aws-sdk-core (2.6.19)
      jmespath (~> 1.0)
    aws-sdk-resources (2.6.19)
      aws-sdk-core (= 2.6.19)
    jmespath (1.3.1)
    rake (11.3.0)

PLATFORMS
  ruby

DEPENDENCIES
  aws-sdk
  rake

BUNDLED WITH
   1.12.5
